PATH
  remote: .
  specs:
    yacht (0.1.0)
      classy_struct (>= 0.3.2)

GEM
  remote: http://rubygems.org/
  specs:
    classy_struct (0.3.2)
    rake (0.8.7)
    rspec (1.3.1)
    simplecov (0.4.2)
      simplecov-html (~> 0.4.4)
    simplecov-html (0.4.4)

PLATFORMS
  ruby

DEPENDENCIES
  rake
  rspec (= 1.3.1)
  simplecov (= 0.4.2)
  yacht!
